GEM
  remote: http://rubygems.org/
  specs:
    activerecord (2.3.2)
      activesupport (= 2.3.2)
    activesupport (2.3.2)
    addressable (2.2.6)
    bcrypt-ruby (3.0.1)
    builder (3.0.0)
    capybara (1.0.1)
      mime-types (>= 1.16)
      nokogiri (>= 1.3.3)
      rack (>= 1.0.0)
      rack-test (>= 0.5.4)
      selenium-webdriver (~> 2.0)
      xpath (~> 0.1.4)
    childprocess (0.2.2)
      ffi (~> 1.0.6)
    cucumber (1.0.6)
      builder (>= 2.1.2)
      diff-lcs (>= 1.1.2)
      gherkin (~> 2.4.18)
      json (>= 1.4.6)
      term-ansicolor (>= 1.0.6)
    database_cleaner (0.6.7)
    diff-lcs (1.1.3)
    ffi (1.0.9)
    gherkin (2.4.21)
      json (>= 1.4.6)
    haml (2.2.24)
    headless (0.1.0)
    json (1.4.6)
    json_pure (1.6.1)
    launchy (2.0.5)
      addressable (~> 2.2.6)
    mime-types (1.16)
    nokogiri (1.5.0)
    pg (0.9.0)
    rack (1.2.1)
    rack-flash (0.1.2)
      rack
    rack-test (0.6.1)
      rack (>= 1.0)
    rake (0.8.7)
    rspec (2.6.0)
      rspec-core (~> 2.6.0)
      rspec-expectations (~> 2.6.0)
      rspec-mocks (~> 2.6.0)
    rspec-core (2.6.4)
    rspec-expectations (2.6.0)
      diff-lcs (~> 1.1.2)
    rspec-mocks (2.6.0)
    rubyzip (0.9.4)
    sass (3.1.0.alpha.23)
    selenium-webdriver (2.8.0)
      childprocess (>= 0.2.1)
      ffi (>= 1.0.7)
      json_pure
      rubyzip
    sequel (3.17.0)
    shotgun (0.9)
      rack (>= 1.0)
    shoulda-matchers (1.0.0.beta3)
    sinatra (1.0)
      rack (>= 1.0)
    sinatra-redirect-with-flash (0.1.2)
      rack-flash (>= 0.1.1)
      sinatra (>= 0.9.1)
    term-ansicolor (1.0.7)
    webrat (0.7.0)
      nokogiri (>= 1.2.0)
      rack (>= 1.0)
      rack-test (>= 0.5.3)
    xpath (0.1.4)
      nokogiri (~> 1.3)

PLATFORMS
  ruby

DEPENDENCIES
  activerecord
  activesupport (= 2.3.2)
  bcrypt-ruby
  capybara (~> 1.0.1)
  cucumber (~> 1.0.2)
  database_cleaner
  haml (= 2.2.24)
  headless (~> 0.1.0)
  json (= 1.4.6)
  launchy (~> 2.0.5)
  pg (= 0.9.0)
  rack (= 1.2.1)
  rack-flash
  rake (= 0.8.7)
  rspec (~> 2.6.0)
  sass (= 3.1.0.alpha.23)
  selenium-webdriver (>= 2.4.0)
  sequel (= 3.17.0)
  shotgun
  shoulda-matchers
  sinatra (= 1.0)
  sinatra-redirect-with-flash
  webrat (~> 0.7.0)
